GEM
  remote: https://rubygems.org/
  specs:
    addressable (2.3.5)
    cookiejar (0.3.1)
    em-http-request (1.1.2)
      addressable (>= 2.3.4)
      cookiejar
      em-socksify (>= 0.3)
      eventmachine (>= 1.0.3)
      http_parser.rb (>= 0.6.0)
    em-socksify (0.3.0)
      eventmachine (>= 1.0.0.beta.4)
    em-synchrony (1.0.3)
      eventmachine (>= 1.0.0.beta.1)
    eventmachine (1.0.3)
    faraday (0.8.9)
      multipart-post (~> 1.2.0)
    faraday_middleware (0.9.0)
      faraday (>= 0.7.4, < 0.9)
    http_parser.rb (0.6.0)
    httpclient (2.3.4.1)
    multipart-post (1.2.0)
    net-http-persistent (2.9.4)

PLATFORMS
  ruby

DEPENDENCIES
  em-http-request
  em-synchrony
  faraday
  faraday_middleware
  httpclient
  net-http-persistent
